GIT
  remote: https://github.com/gfowley/opal-phaser
  revision: 18c516015ccfeb2ac8fd18866f57830e308ccab3
  specs:
    opal-phaser (0.4.6)
      opal (~> 0.11)
      opal-pixi

GIT
  remote: https://github.com/gfowley/opal-pixi
  revision: 3e885c611175cb88150c89da8eda5a984b2b9292
  specs:
    opal-pixi (0.3.6)
      opal (~> 0.11)

GEM
  remote: https://rubygems.org/
  specs:
    ast (2.4.0)
    hike (1.2.3)
    opal (0.11.0)
      ast (>= 2.3.0)
      hike (~> 1.2)
      parser (= 2.3.3.1)
      sourcemap (~> 0.1.0)
    opal-browser (0.2.0)
      opal
      paggio
    paggio (0.2.6)
    parser (2.3.3.1)
      ast (~> 2.2)
    rake (12.3.1)
    sourcemap (0.1.1)

PLATFORMS
  ruby

DEPENDENCIES
  opal (= 0.11.0)
  opal-browser
  opal-phaser!
  opal-pixi!
  rake

BUNDLED WITH
   1.16.2
